GEM
  remote: https://rubygems.org/
  specs:
    concurrent-ruby (1.1.6)
    et-orbi (1.2.4)
      tzinfo
    faraday (1.0.1)
      multipart-post (>= 1.2, < 3)
    fugit (1.3.6)
      et-orbi (~> 1.1, >= 1.1.8)
      raabro (~> 1.3)
    multipart-post (2.1.1)
    raabro (1.3.1)
    rufus-scheduler (3.6.0)
      fugit (~> 1.1, >= 1.1.6)
    sentry-raven (3.0.0)
      faraday (>= 1.0)
    tzinfo (2.0.2)
      concurrent-ruby (~> 1.0)

PLATFORMS
  ruby

DEPENDENCIES
  rufus-scheduler
  sentry-raven

BUNDLED WITH
   2.1.4
